GEM
  remote: https://rubygems.org/
  specs:
    coderay (1.1.3)
    erubi (1.12.0)
    method_source (1.0.0)
    netrc (0.11.0)
    parallel (1.23.0)
    prettier_print (1.2.1)
    prism (0.15.1)
    pry (0.14.2)
      coderay (~> 1.1)
      method_source (~> 1.0)
    rbi (0.1.2)
      prism (>= 0.15.1)
      sorbet-runtime (>= 0.5.9204)
    sorbet (0.5.11097)
      sorbet-static (= 0.5.11097)
    sorbet-runtime (0.5.11097)
    sorbet-static (0.5.11097-universal-darwin)
    sorbet-static-and-runtime (0.5.11097)
      sorbet (= 0.5.11097)
      sorbet-runtime (= 0.5.11097)
    spoom (1.2.4)
      erubi (>= 1.10.0)
      sorbet-static-and-runtime (>= 0.5.10187)
      syntax_tree (>= 6.1.1)
      thor (>= 0.19.2)
    syntax_tree (6.2.0)
      prettier_print (>= 1.2.0)
    tapioca (0.11.9)
      bundler (>= 2.2.25)
      netrc (>= 0.11.0)
      parallel (>= 1.21.0)
      rbi (~> 0.1.0, >= 0.1.0)
      sorbet-static-and-runtime (>= 0.5.10187)
      spoom (~> 1.2.0, >= 1.2.0)
      thor (>= 1.2.0)
      yard-sorbet
    thor (1.3.0)
    yard (0.9.34)
    yard-sorbet (0.8.1)
      sorbet-runtime (>= 0.5)
      yard (>= 0.9)

PLATFORMS
  x86_64-darwin-20

DEPENDENCIES
  pry
  sorbet
  sorbet-runtime
  tapioca

BUNDLED WITH
   2.4.21
